NUGET
  remote: https://nuget.org/api/v2
  specs:
    AWSSDK (2.3.34.1)
      Microsoft.Net.Http (>= 2.1.10) - framework: wpv8.0
    FAKE (3.31.0)
    Foq (1.5.1)
    FSharp.Compiler.Service (0.0.89)
    FSharp.Formatting (2.9.4)
      FSharp.Compiler.Service (>= 0.0.87)
      FSharpVSPowerTools.Core (1.8.0)
    FSharp.Reactive (2.2.131002)
      Rx-Linq (>= 2.0.21114)
    FSharpVSPowerTools.Core (1.8.0)
      FSharp.Compiler.Service (>= 0.0.87)
    FsUnit (1.2.1.0)
      NUnit (>= 2.6.2)
    log4net (2.0.3)
    Microsoft.Bcl (1.1.10)
      Microsoft.Bcl.Build (>= 1.0.14)
    Microsoft.Bcl.Build (1.0.21)
    Microsoft.Net.Http (2.2.29) - framework: wpv8.0
      Microsoft.Bcl (>= 1.1.10)
      Microsoft.Bcl.Build (>= 1.0.14)
    NUnit (2.6.4)
    NUnit.Runners (2.6.4)
    Octokit (0.10.0)
      Microsoft.Net.Http
    Rx-Core (2.2.2)
      Rx-Interfaces (>= 2.2.2)
    Rx-Interfaces (2.2.2)
    Rx-Linq (2.2.2)
      Rx-Core (>= 2.2.2)
      Rx-Interfaces (>= 2.2.2)
    Rx-Main (2.2.2)
      Rx-Core (>= 2.2.2)
      Rx-Interfaces (>= 2.2.2)
      Rx-Linq (>= 2.2.2)
      Rx-PlatformServices (>= 2.2.2)
    Rx-PlatformServices (2.2.3)
      Rx-Core (>= 2.2)
      Rx-Interfaces (>= 2.2)
    SourceLink.Fake (0.5.0)
GITHUB
  remote: fsharp/FAKE
  specs:
    modules/Octokit/Octokit.fsx (a6116430b283395bfdc191a2c854aa39d0fbe013)
      Octokit